GEM
  remote: http://rubygems.org/
  specs:
    archive-tar-minitar (0.5.2)
    atomic (1.0.1)
    builder (3.0.0)
    columnize (0.3.6)
    hpricot (0.8.6)
    linecache19 (0.5.12)
      ruby_core_source (>= 0.1.4)
    mime-types (1.18)
    pg (0.13.2)
    rest-client (1.6.7)
      mime-types (>= 1.16)
    route53 (0.2.1)
      builder
      hpricot
      ruby-hmac
    ruby-debug-base19 (0.11.25)
      columnize (>= 0.3.1)
      linecache19 (>= 0.5.11)
      ruby_core_source (>= 0.1.4)
    ruby-debug19 (0.11.6)
      columnize (>= 0.3.1)
      linecache19 (>= 0.5.11)
      ruby-debug-base19 (>= 0.11.19)
    ruby-hmac (0.4.0)
    ruby_core_source (0.1.5)
      archive-tar-minitar (>= 0.5.2)
    scrolls (0.1.0)
      atomic (~> 1.0.0)

PLATFORMS
  ruby

DEPENDENCIES
  pg
  rest-client
  route53
  ruby-debug19
  scrolls
